GEM
  remote: https://rubygems.org/
  specs:
    coderay (1.1.0)
    jasmine (3.1.0)
      jasmine-core (= 3.1.0)
      phantomjs
      rack (>= 1.2.1)
      rake
    jasmine-core (3.1.0)
    method_source (0.8.2)
    phantomjs (2.1.1.0)
    pry (0.10.3)
      coderay (~> 1.1.0)
      method_source (~> 0.8.1)
      slop (~> 3.4)
    rack (2.0.5)
    rake (12.3.1)
    sass (3.4.21)
    slop (3.6.0)

PLATFORMS
  ruby

DEPENDENCIES
  jasmine
  pry
  sass

BUNDLED WITH
   1.16.3
