GEM
  remote: https://rubygems.org/
  specs:
    coderay (1.1.0)
    jasmine (2.3.0)
      jasmine-core (~> 2.3)
      phantomjs
      rack (>= 1.2.1)
      rake
    jasmine-core (2.3.4)
    method_source (0.8.2)
    phantomjs (1.9.8.0)
    pry (0.10.3)
      coderay (~> 1.1.0)
      method_source (~> 0.8.1)
      slop (~> 3.4)
    rack (1.6.4)
    rake (10.4.2)
    sass (3.4.21)
    slop (3.6.0)

PLATFORMS
  ruby

DEPENDENCIES
  jasmine
  pry
  sass

BUNDLED WITH
   1.11.2
